GEM
  remote: https://rubygems.org/
  specs:
    addressable (2.3.8)
    awesome_print (1.8.0)
    json (1.8.6)
    mime-types (1.25.1)
    rainbow (3.0.0)
    rest-client (1.6.14)
      mime-types (~> 1.16)
    unirest (1.1.2)
      addressable (~> 2.3.5)
      json (~> 1.8.1)
      rest-client (~> 1.6.7)

PLATFORMS
  ruby

DEPENDENCIES
  awesome_print
  rainbow
  unirest

BUNDLED WITH
   1.17.3
